GEM
  specs:
    ast (2.4.0)
    ffi (1.9.25)
    hike (1.2.3)
    opal (0.11.4)
      ast (>= 2.3.0)
      hike (~> 1.2)
      parser (= 2.3.3.1)
      sourcemap (~> 0.1.0)
    opal-jquery (0.4.3)
      opal (>= 0.10.0, < 0.12.0)
    parser (2.3.3.1)
      ast (~> 2.2)
    rake (12.3.2)
    rb-fsevent (0.10.3)
    rb-inotify (0.9.10)
      ffi (>= 0.5.0, < 2)
    sass (3.7.3)
      sass-listen (~> 4.0.0)
    sass-listen (4.0.0)
      rb-fsevent (~> 0.9, >= 0.9.4)
      rb-inotify (~> 0.9, >= 0.9.7)
    sourcemap (0.1.1)

PLATFORMS
  ruby

DEPENDENCIES
  opal
  opal-jquery
  rake
  sass

BUNDLED WITH
   1.17.1
